GEM
  remote: https://rubygems.org/
  specs:
    backports (3.11.3)
    byebug (10.0.2)
    coderay (1.1.2)
    haml (5.0.4)
      temple (>= 0.8.0)
      tilt
    method_source (0.9.0)
    multi_json (1.13.1)
    mustermann (1.0.2)
    pry (0.11.3)
      coderay (~> 1.1.0)
      method_source (~> 0.9.0)
    pry-byebug (3.6.0)
      byebug (~> 10.0)
      pry (~> 0.10)
    rack (2.0.5)
    rack-protection (2.0.1)
      rack
    sinatra (2.0.1)
      mustermann (~> 1.0)
      rack (~> 2.0)
      rack-protection (= 2.0.1)
      tilt (~> 2.0)
    sinatra-contrib (2.0.1)
      backports (>= 2.0)
      multi_json
      mustermann (~> 1.0)
      rack-protection (= 2.0.1)
      sinatra (= 2.0.1)
      tilt (>= 1.3, < 3)
    systemu (2.6.5)
    temple (0.8.0)
    tilt (2.0.8)

PLATFORMS
  ruby

DEPENDENCIES
  haml
  pry-byebug
  sinatra
  sinatra-contrib
  systemu

BUNDLED WITH
   1.16.2
